GEM
  remote: https://rubygems.org/
  specs:
    celluloid (0.16.0)
      timers (~> 4.0.0)
    cuba (3.3.0)
      rack
    hitimes (1.2.2)
    httparty (0.13.1)
      json (~> 1.8)
      multi_xml (>= 0.5.2)
    json (1.8.1)
    kgio (2.9.2)
    multi_xml (0.5.5)
    pg (0.17.1)
    rack (1.5.2)
    raindrops (0.13.0)
    ruby_spark (1.0.0)
      httparty (~> 0.13)
    sequel (4.11.0)
    shoden (0.4.0)
      sequel (~> 4.11.0)
    shoden-contrib (0.1.1)
      shoden (>= 0.2.0)
    sucker_punch (1.3.1)
      celluloid (~> 0.16.0)
    timers (4.0.1)
      hitimes
    tzinfo (0.3.42)
    unicorn (4.8.3)
      kgio (~> 2.6)
      rack
      raindrops (~> 0.7)

PLATFORMS
  ruby

DEPENDENCIES
  cuba (= 3.3.0)
  pg
  ruby_spark
  shoden (= 0.4.0)
  shoden-contrib (= 0.1.1)
  sucker_punch
  tzinfo
  unicorn
